PATH
  remote: .
  specs:
    minimal-buffet (0.6)
      wopen3

GEM
  remote: http://rubygems.org/
  specs:
    diff-lcs (1.1.2)
    mkdtemp (1.2.1)
    rspec (2.6.0)
      rspec-core (~> 2.6.0)
      rspec-expectations (~> 2.6.0)
      rspec-mocks (~> 2.6.0)
    rspec-core (2.6.4)
    rspec-expectations (2.6.0)
      diff-lcs (~> 1.1.2)
    rspec-mocks (2.6.0)
    wopen3 (0.3)

PLATFORMS
  ruby

DEPENDENCIES
  minimal-buffet!
  mkdtemp
  rspec
