PATH
  remote: .
  specs:
    buffet-gem (1.0.3alpha)
      grit
      json
      memoize
      net-ssh
      sinatra
      wopen3

GEM
  remote: http://rubygems.org/
  specs:
    diff-lcs (1.1.2)
    grit (2.4.1)
      diff-lcs (~> 1.1)
      mime-types (~> 1.15)
    json (1.6.1)
    memoize (1.3.1)
    mime-types (1.16)
    net-ssh (2.2.1)
    rack (1.3.2)
    rack-test (0.6.1)
      rack (>= 1.0)
    rspec (2.6.0)
      rspec-core (~> 2.6.0)
      rspec-expectations (~> 2.6.0)
      rspec-mocks (~> 2.6.0)
    rspec-core (2.6.4)
    rspec-expectations (2.6.0)
      diff-lcs (~> 1.1.2)
    rspec-mocks (2.6.0)
    sinatra (1.2.6)
      rack (~> 1.1)
      tilt (>= 1.2.2, < 2.0)
    tilt (1.3.3)
    wopen3 (0.3)

PLATFORMS
  ruby

DEPENDENCIES
  buffet-gem!
  rack-test
  rspec
