PATH
  remote: .
  specs:
    buffet-gem (1.0.3alpha)
      grit
      json
      net-ssh
      wopen3

GEM
  remote: http://rubygems.org/
  specs:
    diff-lcs (1.1.2)
    grit (2.4.1)
      diff-lcs (~> 1.1)
      mime-types (~> 1.15)
    json (1.6.3)
    mime-types (1.17.2)
    net-ssh (2.2.1)
    rspec (2.6.0)
      rspec-core (~> 2.6.0)
      rspec-expectations (~> 2.6.0)
      rspec-mocks (~> 2.6.0)
    rspec-core (2.6.4)
    rspec-expectations (2.6.0)
      diff-lcs (~> 1.1.2)
    rspec-mocks (2.6.0)
    wopen3 (0.3)

PLATFORMS
  ruby

DEPENDENCIES
  buffet-gem!
  rspec
